STORAGE: NONE
RESTRICTION: == net50
NUGET
  remote: https://api.nuget.org/v3/index.json
    Argu (6.1.1)
      FSharp.Core (>= 4.3.2)
      System.Configuration.ConfigurationManager (>= 4.4)
    FSharp.Core (5.0.2)
    LibGit2Sharp (0.27.0-preview-0102)
      LibGit2Sharp.NativeBinaries (2.0.312)
    LibGit2Sharp.NativeBinaries (2.0.312)
    Microsoft.NETCore.Platforms (5.0.2)
    Microsoft.Win32.SystemEvents (5.0)
      Microsoft.NETCore.Platforms (>= 5.0)
    PdfSharpCore.MigraDoc.DocumentObjectModel (1.50.0-beta5-3)
    PdfSharpCore.MigraDoc.Rendering (1.50.0-beta5-3)
      PdfSharpCore.MigraDoc.DocumentObjectModel (>= 1.50.0-beta5-3)
      PdfSharpCore.PdfSharp.Charting (>= 1.50.0-beta5-3)
    PdfSharpCore.PdfSharp (1.50.0-beta5-5)
      System.Drawing.Common (>= 4.5.1)
    PdfSharpCore.PdfSharp.Charting (1.50.0-beta5-3)
      PdfSharpCore.PdfSharp (>= 1.50.0-beta5-3)
    System.Configuration.ConfigurationManager (5.0)
      System.Security.Cryptography.ProtectedData (>= 5.0)
      System.Security.Permissions (>= 5.0)
    System.Drawing.Common (5.0.2)
      Microsoft.Win32.SystemEvents (>= 5.0)
    System.Security.AccessControl (5.0)
      Microsoft.NETCore.Platforms (>= 5.0)
      System.Security.Principal.Windows (>= 5.0)
    System.Security.Cryptography.ProtectedData (5.0)
    System.Security.Permissions (5.0)
      System.Security.AccessControl (>= 5.0)
      System.Windows.Extensions (>= 5.0)
    System.Security.Principal.Windows (5.0)
    System.Windows.Extensions (5.0)
      System.Drawing.Common (>= 5.0)
