STORAGE: NONE
RESTRICTION: == netcoreapp5.0
NUGET
  remote: https://api.nuget.org/v3/index.json
    FSharp.Core (4.7.2)
GIT
  remote: https://github.com/fc1943s/Suigetsu.git
     (e7e41f03911b27bc69ba74c6e3bcffcde8853e53)
      build: powershell â€“ExecutionPolicy Bypass ./build.ps1
GROUP Git2Pdf.Cli
STORAGE: NONE
NUGET
  remote: https://api.nuget.org/v3/index.json
    Microsoft.NETCore.Platforms (3.1.2) - restriction: >= netcoreapp2.0
    Microsoft.Win32.SystemEvents (4.7) - restriction: >= netcoreapp2.0
      Microsoft.NETCore.Platforms (>= 3.1) - restriction: >= netcoreapp2.0
    PdfSharpCore.MigraDoc.DocumentObjectModel (1.50.0-beta5-3) - restriction: >= netstandard2.0
    PdfSharpCore.MigraDoc.Rendering (1.50.0-beta5-3)
      PdfSharpCore.MigraDoc.DocumentObjectModel (>= 1.50.0-beta5-3) - restriction: >= netstandard2.0
      PdfSharpCore.PdfSharp.Charting (>= 1.50.0-beta5-3) - restriction: >= netstandard2.0
    PdfSharpCore.PdfSharp (1.50.0-beta5-5) - restriction: >= netstandard2.0
      System.Drawing.Common (>= 4.5.1) - restriction: >= netstandard2.0
    PdfSharpCore.PdfSharp.Charting (1.50.0-beta5-3) - restriction: >= netstandard2.0
      PdfSharpCore.PdfSharp (>= 1.50.0-beta5-3) - restriction: >= netstandard2.0
    System.Drawing.Common (4.7) - restriction: >= netstandard2.0
      Microsoft.NETCore.Platforms (>= 3.1) - restriction: >= netcoreapp2.0
      Microsoft.Win32.SystemEvents (>= 4.7) - restriction: >= netcoreapp2.0
